GEM
  remote: http://rubygems.org/
  specs:
    diff-lcs (1.1.3)
    git (1.2.5)
    jeweler (1.8.4)
      bundler (~> 1.0)
      git (>= 1.2.5)
      rake
      rdoc
    json (1.7.5)
    multi_json (1.3.6)
    rake (0.9.2.2)
    rdoc (3.12)
      json (~> 1.4)
    redcarpet (2.2.2)
    redis (3.0.2)
    rspec (2.11.0)
      rspec-core (~> 2.11.0)
      rspec-expectations (~> 2.11.0)
      rspec-mocks (~> 2.11.0)
    rspec-core (2.11.1)
    rspec-expectations (2.11.3)
      diff-lcs (~> 1.1.3)
    rspec-mocks (2.11.3)
    simplecov (0.7.1)
      multi_json (~> 1.0)
      simplecov-html (~> 0.7.1)
    simplecov-html (0.7.1)
    stemmer (1.0.1)
    yard (0.8.3)

PLATFORMS
  ruby

DEPENDENCIES
  bundler
  jeweler
  rdoc (~> 3.12)
  redcarpet
  redis (~> 3.0.0)
  rspec (~> 2.11.0)
  simplecov
  stemmer (~> 1.0.0)
  yard (~> 0.7)
